GEM
  remote: https://rubygems.org/
  specs:
    ruby-fann (1.3.2)

PLATFORMS
  x86_64-darwin-21

DEPENDENCIES
  ruby-fann

BUNDLED WITH
   2.3.14
